PATH
  remote: .
  specs:
    notion-task (0.0.2)
      commander (~> 5.0.0)
      notion-ruby-client (~> 1.2.2)
      terminal-table (~> 4.0.0)

GEM
  remote: https://rubygems.org/
  specs:
    ast (2.4.2)
    backport (1.2.0)
    benchmark (0.4.0)
    bigdecimal (3.1.9)
    coderay (1.1.3)
    commander (5.0.0)
      highline (~> 3.0.0)
    csv (3.3.2)
    date (3.4.1)
    diff-lcs (1.6.0)
    erubi (1.13.1)
    faraday (2.12.2)
      faraday-net_http (>= 2.0, < 3.5)
      json
      logger
    faraday-mashify (0.1.1)
      faraday (~> 2.0)
      hashie
    faraday-multipart (1.1.0)
      multipart-post (~> 2.0)
    faraday-net_http (3.4.0)
      net-http (>= 0.5.0)
    hashie (5.0.0)
    highline (3.0.1)
    httparty (0.22.0)
      csv
      mini_mime (>= 1.0.0)
      multi_xml (>= 0.5.2)
    jaro_winkler (1.6.0)
    json (2.10.1)
    kramdown (2.5.1)
      rexml (>= 3.3.9)
    kramdown-parser-gfm (1.1.0)
      kramdown (~> 2.0)
    language_server-protocol (3.17.0.4)
    lint_roller (1.1.0)
    logger (1.6.6)
    method_source (1.1.0)
    mini_mime (1.1.5)
    multi_xml (0.7.1)
      bigdecimal (~> 3.1)
    multipart-post (2.4.1)
    net-http (0.6.0)
      uri
    netrc (0.11.0)
    nokogiri (1.18.3-aarch64-linux-gnu)
      racc (~> 1.4)
    nokogiri (1.18.3-aarch64-linux-musl)
      racc (~> 1.4)
    nokogiri (1.18.3-arm64-darwin)
      racc (~> 1.4)
    nokogiri (1.18.3-x86_64-darwin)
      racc (~> 1.4)
    nokogiri (1.18.3-x86_64-linux-gnu)
      racc (~> 1.4)
    nokogiri (1.18.3-x86_64-linux-musl)
      racc (~> 1.4)
    notion-ruby-client (1.2.2)
      faraday (>= 2.0)
      faraday-mashify (>= 0.1.1)
      faraday-multipart (>= 1.0.4)
      hashie (~> 5)
    observer (0.1.2)
    ostruct (0.6.1)
    parallel (1.26.3)
    parser (3.3.7.1)
      ast (~> 2.4.1)
      racc
    prism (1.3.0)
    pry (0.15.2)
      coderay (~> 1.1)
      method_source (~> 1.0)
    pry-sorbet (0.2.1)
      pry
    psych (5.2.3)
      date
      stringio
    racc (1.8.1)
    rainbow (3.1.1)
    rbi (0.2.4)
      prism (~> 1.0)
      sorbet-runtime (>= 0.5.9204)
    rbs (3.8.1)
      logger
    rdoc (6.12.0)
      psych (>= 4.0.0)
    regexp_parser (2.10.0)
    reverse_markdown (3.0.0)
      nokogiri
    rexml (3.4.1)
    rubocop (1.71.2)
      json (~> 2.3)
      language_server-protocol (>= 3.17.0)
      parallel (~> 1.10)
      parser (>= 3.3.0.2)
      rainbow (>= 2.2.2, < 4.0)
      regexp_parser (>= 2.9.3, < 3.0)
      rubocop-ast (>= 1.38.0, < 2.0)
      ruby-progressbar (~> 1.7)
      unicode-display_width (>= 2.4.0, < 4.0)
    rubocop-ast (1.38.0)
      parser (>= 3.3.1.0)
    rubocop-performance (1.23.1)
      rubocop (>= 1.48.1, < 2.0)
      rubocop-ast (>= 1.31.1, < 2.0)
    ruby-progressbar (1.13.0)
    ruby_parser (3.21.1)
      racc (~> 1.5)
      sexp_processor (~> 4.16)
    sexp_processor (4.17.3)
    solargraph (0.51.2)
      backport (~> 1.2)
      benchmark
      bundler (~> 2.0)
      diff-lcs (~> 1.4)
      jaro_winkler (~> 1.6)
      kramdown (~> 2.3)
      kramdown-parser-gfm (~> 1.1)
      logger (~> 1.6)
      observer (~> 0.1)
      ostruct (~> 0.6)
      parser (~> 3.0)
      rbs (~> 3.0)
      reverse_markdown (>= 2.0, < 4)
      rubocop (~> 1.38)
      thor (~> 1.0)
      tilt (~> 2.0)
      yard (~> 0.9, >= 0.9.24)
    sorbet (0.5.11851)
      sorbet-static (= 0.5.11851)
    sorbet-runtime (0.5.11851)
    sorbet-static (0.5.11851-aarch64-linux)
    sorbet-static (0.5.11851-universal-darwin)
    sorbet-static (0.5.11851-x86_64-linux)
    sorbet-static-and-runtime (0.5.11851)
      sorbet (= 0.5.11851)
      sorbet-runtime (= 0.5.11851)
    spoom (1.5.4)
      erubi (>= 1.10.0)
      prism (>= 0.28.0)
      rbi (>= 0.2.3)
      sorbet-static-and-runtime (>= 0.5.10187)
      thor (>= 0.19.2)
    standard (1.45.0)
      language_server-protocol (~> 3.17.0.2)
      lint_roller (~> 1.0)
      rubocop (~> 1.71.0)
      standard-custom (~> 1.0.0)
      standard-performance (~> 1.6)
    standard-custom (1.0.2)
      lint_roller (~> 1.0)
      rubocop (~> 1.50)
    standard-performance (1.6.0)
      lint_roller (~> 1.1)
      rubocop-performance (~> 1.23.0)
    stringio (3.1.5)
    tapioca (0.16.11)
      benchmark
      bundler (>= 2.2.25)
      netrc (>= 0.11.0)
      parallel (>= 1.21.0)
      rbi (~> 0.2)
      sorbet-static-and-runtime (>= 0.5.11087)
      spoom (>= 1.2.0)
      thor (>= 1.2.0)
      yard-sorbet
    terminal-table (4.0.0)
      unicode-display_width (>= 1.1.1, < 4)
    thor (1.3.2)
    tilt (2.6.0)
    unicode-display_width (3.1.4)
      unicode-emoji (~> 4.0, >= 4.0.4)
    unicode-emoji (4.0.4)
    uri (1.0.2)
    yard (0.9.37)
    yard-sorbet (0.9.0)
      sorbet-runtime
      yard

PLATFORMS
  aarch64-linux
  aarch64-linux-gnu
  aarch64-linux-musl
  arm64-darwin
  universal-darwin
  x86_64-darwin
  x86_64-linux
  x86_64-linux-gnu
  x86_64-linux-musl

DEPENDENCIES
  httparty (~> 0.22.0)
  notion-task!
  pry (~> 0.15.2)
  pry-sorbet (~> 0.2.1)
  rdoc (~> 6.12)
  ruby_parser (~> 3.21.1)
  solargraph (~> 0.51.2)
  sorbet-static-and-runtime (~> 0.5.11851)
  spoom (~> 1.5)
  standard (~> 1.45.0)
  tapioca (~> 0.16.11)

RUBY VERSION
   ruby 3.4.2p28

BUNDLED WITH
   2.6.5
